PATH
  remote: .
  specs:
    admin-app (0.0.1)
      auth-middleware (>= 0.0.2)
      coffee-script
      newrelic_rpm
      ping-middleware (~> 0.0.2)
      rack-ssl-enforcer
      sass
      sinatra (~> 1.3.3)
      sprockets
      therubyracer
      tracking-client

GEM
  remote: https://rubygems.org/
  remote: https://user:We267RFF7BfwVt4LdqFA@privategems.herokuapp.com/
  specs:
    auth-client (0.0.16)
      cache-client (~> 0.0.4)
      service-client (>= 0.0.12)
    auth-middleware (0.0.2)
      auth-client (>= 0.0.16)
      json
      omniauth
      omniauth-oauth2
      rack (>= 1.4.5)
    cache-client (0.0.4)
    coffee-script (2.2.0)
      coffee-script-source
      execjs
    coffee-script-source (1.6.3)
    execjs (1.4.0)
      multi_json (~> 1.0)
    faraday (0.8.1)
      multipart-post (~> 1.1)
    hashie (2.0.5)
    hike (1.2.3)
    hiredis (0.4.5)
    httpauth (0.2.0)
    json (1.8.0)
    jwt (0.1.8)
      multi_json (>= 1.5)
    libv8 (3.11.8.17)
    macaddr (1.6.1)
      systemu (~> 2.5.0)
    minuteman (1.0.2)
      redis (~> 3.0.2)
    multi_json (1.7.7)
    multipart-post (1.2.0)
    newrelic_rpm (3.6.6.147)
    oauth2 (0.8.1)
      faraday (~> 0.8)
      httpauth (~> 0.1)
      jwt (~> 0.1.4)
      multi_json (~> 1.0)
      rack (~> 1.2)
    omniauth (1.1.4)
      hashie (>= 1.2, < 3)
      rack
    omniauth-oauth2 (1.1.1)
      oauth2 (~> 0.8.0)
      omniauth (~> 1.0)
    ping-middleware (0.0.2)
    rack (1.5.2)
    rack-protection (1.5.0)
      rack
    rack-ssl-enforcer (0.2.5)
    rake (10.1.0)
    redis (3.0.4)
    ref (1.0.5)
    sass (3.2.10)
    service-client (0.0.13)
      faraday (= 0.8.1)
      json
    sinatra (1.3.6)
      rack (~> 1.4)
      rack-protection (~> 1.3)
      tilt (~> 1.3, >= 1.3.3)
    sprockets (2.10.0)
      hike (~> 1.2)
      multi_json (~> 1.0)
      rack (~> 1.0)
      tilt (~> 1.1, != 1.3.0)
    systemu (2.5.2)
    therubyracer (0.11.4)
      libv8 (~> 3.11.8.12)
      ref
    tilt (1.4.1)
    tracking-client (0.0.6)
      hiredis (~> 0.4.5)
      minuteman (~> 1.0.2)
      uuid (~> 2.3.7)
      uuidtools (~> 2.1.3)
    uuid (2.3.7)
      macaddr (~> 1.0)
    uuidtools (2.1.4)

PLATFORMS
  ruby

DEPENDENCIES
  admin-app!
  bundler (~> 1.3)
  rake
